GEM
  remote: https://rubygems.org/
  specs:
    terrun (1.1.0)

PLATFORMS
  ruby

DEPENDENCIES
  terrun
